PATH
  remote: .
  specs:
    rubot (0.3.0)
      eventmachine
      nokogiri
      sequel
      sqlite3

GEM
  remote: http://rubygems.org/
  specs:
    diff-lcs (1.1.3)
    eventmachine (0.12.10)
    nokogiri (1.4.4)
    rake (0.9.0)
    rspec (2.12.0)
      rspec-core (~> 2.12.0)
      rspec-expectations (~> 2.12.0)
      rspec-mocks (~> 2.12.0)
    rspec-core (2.12.2)
    rspec-expectations (2.12.1)
      diff-lcs (~> 1.1.3)
    rspec-mocks (2.12.2)
    sequel (3.22.0)
    sqlite3 (1.3.3)

PLATFORMS
  ruby

DEPENDENCIES
  rake
  rspec (~> 2.12)
  rubot!
